{
  "AcquisitionMatrixPE": 258,
  "AcquisitionNumber": 1,
  "AcquisitionTime": "15:02:43.175000",
  "BaseResolution": 256,
  "BodyPartExamined": "HEAD",
  "ConversionSoftware": "dcm2niix",
  "ConversionSoftwareVersion": "v1.0.20171017 GCC6.3.0",
  "DeviceSerialNumber": "35177",
  "DwellTime": 2.6e-06,
  "EchoTime": 0.479,
  "EchoTrainLength": 141,
  "FlipAngle": 120,
  "ImageOrientationPatientDICOM": [-0.0610722, 0.972431, 0.225053, 0.0757119, 0.229338, -0.970398],
  "ImageType": [
    "ORIGINAL",
    "PRIMARY",
    "M",
    "ND",
    "NORM"
],
  "InPlanePhaseEncodingDirectionDICOM": "ROW",
  "InstitutionAddress": "Scott_Ave._4525_St._Louis_MO_US_63110",
  "InstitutionName": "Washington_University",
  "InstitutionalDepartmentName": "Department",
  "MRAcquisitionType": "3D",
  "MagneticFieldStrength": 3,
  "Manufacturer": "Siemens",
  "ManufacturersModelName": "TrioTim",
  "Modality": "MR",
  "ParallelReductionFactorInPlane": 2,
  "PartialFourier": 1,
  "PatientPosition": "HFS",
  "PercentPhaseFOV": 100,
  "PhaseEncodingSteps": 246,
  "PhaseResolution": 1.00781,
  "PixelBandwidth": 751,
  "ProcedureStepDescription": "head_GREENE",
  "ProtocolName": "T2_.8x.8x.8_224Slices",
  "PulseSequenceDetails": "%SiemensSeq%_tse_vfl",
  "ReceiveCoilName": "HeadMatrix",
  "ReconMatrixPE": 256,
  "RepetitionTime": 3.2,
  "SAR": 0.208755,
  "ScanOptions": "PFP",
  "ScanningSequence": "SE",
  "SequenceName": "_spc3d1_282ns",
  "SequenceVariant": "SK_SP",
  "SeriesDescription": "T2_.8x.8x.8_224Slices",
  "SeriesNumber": 22,
  "ShimSetting": [-217, -19509, 7964, 312, -238, -353, 150, 149],
  "SliceThickness": 0.8,
  "SoftwareVersions": "syngo_MR_B17",
  "StationName": "MRC35177",
  "TxRefAmp": 341.827,
  "dcmmeta_affine": [
    [0.7962061762809753, -0.04890548065304756, 0.060628633946180344, -86.12190246582031],
    [0.03378009423613548, 0.7787041068077087, 0.18364956974983215, -127.70149993896484],
    [-0.07010455429553986, -0.18021859228610992, 0.7770763039588928, -87.10650634765625],
    [0.0, 0.0, 0.0, 1.0]
],
  "dcmmeta_reorient_transform": [
    [0.0, 0.0, -1.0, 255.0],
    [0.0, -1.0, 0.0, 255.0],
    [-1.0, 0.0, 0.0, 223.0],
    [0.0, 0.0, 0.0, 1.0]
],
  "dcmmeta_shape": [224, 256, 256],
  "dcmmeta_slice_dim": 0,
  "dcmmeta_version": 0.6,
  "global": {
    "const": {
      "AccessionNumber": ".",
      "AcquisitionMatrix": [0, 256, 258, 0],
      "AcquisitionNumber": 1,
      "AcquisitionTime": "150243.175000",
      "AngioFlag": "N",
      "BitsAllocated": 16,
      "BitsStored": 12,
      "BodyPartExamined": "HEAD",
      "Columns": 256,
      "DeidentificationMethodCodeSequence": [
        {
          "CodeMeaning": "XNAT Edit Script",
          "CodeValue": "625500",
          "CodingSchemeDesignator": "XNAT",
          "CodingSchemeVersion": "0.1"}
],
      "EchoNumbers": 1,
      "EchoTime": 479.0,
      "EchoTrainLength": 141,
      "FlipAngle": 120.0,
      "HighBit": 11,
      "ImageOrientationPatient": [-0.0610722097876, 0.97243052399181, 0.22505346298309, 0.07571185685521, 0.22933799354844, -0.970397753216],
      "ImageType": [
        "ORIGINAL",
        "PRIMARY",
        "M",
        "ND",
        "NORM"
],
      "ImagedNucleus": "1H",
      "ImagingFrequency": 123.255224,
      "InPlanePhaseEncodingDirection": "ROW",
      "MRAcquisitionType": "3D",
      "MagneticFieldStrength": 3.0,
      "Manufacturer": "SIEMENS",
      "ManufacturerModelName": "TrioTim",
      "Modality": "MR",
      "NumberOfAverages": 1.0,
      "NumberOfPhaseEncodingSteps": 246,
      "PercentPhaseFieldOfView": 100.0,
      "PercentSampling": 100.7813,
      "PerformedProcedureStepStartTime": "133402.968000",
      "PhotometricInterpretation": "MONOCHROME2",
      "PixelBandwidth": 751.0,
      "PixelRepresentation": 0,
      "PixelSpacing": [0.80078125, 0.80078125],
      "PositionReferenceIndicator": "",
      "ProtocolName": "T2_.8x.8x.8_224Slices",
      "RepetitionTime": 3200.0,
      "Rows": 256,
      "SAR": 0.20875494616994,
      "SamplesPerPixel": 1,
      "ScanOptions": "PFP",
      "ScanningSequence": "SE",
      "SequenceName": "*spc3d1_282ns",
      "SequenceVariant": [
        "SK",
        "SP"
],
      "SeriesDescription": "T2_.8x.8x.8_224Slices",
      "SeriesNumber": 22,
      "SeriesTime": "150757.093000",
      "SliceThickness": 0.80000001192093,
      "SmallestImagePixelValue": 0,
      "SoftwareVersions": "syngo MR B17",
      "SpecificCharacterSet": "ISO_IR 100",
      "StudyID": "1",
      "StudyTime": "133402.921000",
      "TransmitCoilName": "Body",
      "VariableFlipAngleFlag": "Y",
      "WindowCenterWidthExplanation": "Algo1",
      "dBdt": 0.0},
